GEM
  remote: http://rubygems.org/
  specs:
    geoip (0.8.9)
    haml (3.0.25)
    pg (0.10.0)
    rack (1.2.1)
    sinatra (1.1.2)
      rack (~> 1.1)
      tilt (~> 1.2)
    sqlite3 (1.3.3)
    sqlite3-ruby (1.3.3)
      sqlite3 (>= 1.3.3)
    tilt (1.2.2)

PLATFORMS
  ruby

DEPENDENCIES
  geoip
  haml
  pg
  sinatra
  sqlite3-ruby
